GEM
  remote: https://www.rubygems.org/
  specs:
    Selenium (1.1.14)
    activemodel (4.2.6)
      activesupport (= 4.2.6)
      builder (~> 3.1)
    activerecord (4.2.6)
      activemodel (= 4.2.6)
      activesupport (= 4.2.6)
      arel (~> 6.0)
    activerecord-jdbc-adapter (1.3.20)
      activerecord (>= 2.2)
    activesupport (4.2.6)
      i18n (~> 0.7)
      json (~> 1.7, >= 1.7.7)
      minitest (~> 5.1)
      thread_safe (~> 0.3, >= 0.3.4)
      tzinfo (~> 1.1)
    akami (1.3.1)
      gyoku (>= 0.4.0)
      nokogiri
    appium_console (2.0.1)
      appium_lib (>= 1.0.0)
      bond (~> 0.5.1)
      pry (~> 0.10.1)
      spec (>= 5.3.4)
      thor (>= 0.19)
    appium_lib (8.0.2)
      awesome_print (~> 1.6)
      json (~> 1.8)
      nokogiri (~> 1.6.6)
      selenium-webdriver (~> 2.49)
      tomlrb (~> 1.1)
    arel (6.0.3)
    awesome_print (1.7.0)
    aws-sdk (2.5.1)
      aws-sdk-resources (= 2.5.1)
    aws-sdk-core (2.5.1)
      jmespath (~> 1.0)
    aws-sdk-resources (2.5.1)
      aws-sdk-core (= 2.5.1)
    bond (0.5.1)
    builder (3.2.2)
    childprocess (0.5.9)
      ffi (~> 1.0, >= 1.0.11)
    chronic_duration (0.10.6)
      numerizer (~> 0.1.1)
    coderay (1.1.1)
    commonwatir (4.0.0)
    cucumber (2.3.3)
      builder (>= 2.1.2)
      cucumber-core (~> 1.4.0)
      cucumber-wire (~> 0.0.1)
      diff-lcs (>= 1.1.3)
      gherkin (~> 3.2.0)
      multi_json (>= 1.7.5, < 2.0)
      multi_test (>= 0.1.2)
    cucumber-core (1.4.0)
      gherkin (~> 3.2.0)
    cucumber-wire (0.0.1)
    diff-lcs (1.2.5)
    domain_name (0.5.20160615)
      unf (>= 0.0.5, < 1.0.0)
    ffi (1.9.14)
    firewatir (1.9.4)
      commonwatir (>= 1.9.2)
    gherkin (3.2.0)
    gyoku (1.3.1)
      builder (>= 2.1.2)
    hoe (3.15.1)
      rake (>= 0.8, < 12.0)
    http-cookie (1.0.2)
      domain_name (~> 0.5)
    httparty (0.14.0)
      multi_xml (>= 0.5.2)
    httpi (2.4.2)
      rack
      socksify
    i18n (0.7.0)
    jmespath (1.3.1)
    json (1.8.3)
    metaclass (0.0.4)
    method_source (0.8.2)
    mime-types (3.1)
      mime-types-data (~> 3.2015)
    mime-types-data (3.2016.0521)
    mini_portile2 (2.1.0)
    minitest (5.9.0)
    mocha (1.1.0)
      metaclass (~> 0.0.1)
    multi_json (1.11.3)
    multi_test (0.1.2)
    multi_xml (0.5.5)
    netrc (0.11.0)
    nokogiri (1.6.8)
      mini_portile2 (~> 2.1.0)
      pkg-config (~> 1.1.7)
    nori (2.6.0)
    numerizer (0.1.1)
    pkg-config (1.1.7)
    pry (0.10.4)
      coderay (~> 1.1.0)
      method_source (~> 0.8.1)
      slop (~> 3.4)
    pry-doc (0.9.0)
      pry (~> 0.9)
      yard (~> 0.8)
    pry-nav (0.2.4)
      pry (>= 0.9.10, < 0.11.0)
    rack (1.6.4)
    rake (11.2.2)
    report_builder (0.1.2)
      builder (~> 3.2, >= 3.2.2)
      json (~> 1.8, >= 1.8.1)
    rest-client (2.0.0)
      http-cookie (>= 1.0.2, < 2.0)
      mime-types (>= 1.16, < 4.0)
      netrc (~> 0.8)
    rspec (3.4.0)
      rspec-core (~> 3.4.0)
      rspec-expectations (~> 3.4.0)
      rspec-mocks (~> 3.4.0)
    rspec-core (3.4.4)
      rspec-support (~> 3.4.0)
    rspec-expectations (3.4.0)
      diff-lcs (>= 1.2.0, < 2.0)
      rspec-support (~> 3.4.0)
    rspec-mocks (3.4.1)
      diff-lcs (>= 1.2.0, < 2.0)
      rspec-support (~> 3.4.0)
    rspec-support (3.4.1)
    rubyzip (1.2.0)
    s4t-utils (1.0.4)
      hoe (>= 1.3.0)
    savon (2.11.1)
      akami (~> 1.2)
      builder (>= 2.1.2)
      gyoku (~> 1.2)
      httpi (~> 2.3)
      nokogiri (>= 1.4.0)
      nori (~> 2.4)
      wasabi (~> 3.4)
    selenium-webdriver (2.53.4)
      childprocess (~> 0.5)
      rubyzip (~> 1.0)
      websocket (~> 1.0)
    sequel (4.37.0)
    slop (3.6.0)
    socksify (1.7.0)
    spec (5.3.4)
      chronic_duration (~> 0.10.2)
    sqlite3 (1.3.11)
    taza (1.0)
      Selenium (~> 1.1.14)
      activesupport (>= 3.1.0)
      firewatir (~> 1.9.4)
      mocha (>= 0.9.3)
      rake (>= 0.9.2)
      rspec (~> 3.0)
      thor (>= 0.18.1)
      user-choices (~> 1.1.6.1)
      watir (~> 5.0.0)
      watir-webdriver (~> 0.4)
    test-helpers (0.3.0)
    thor (0.19.1)
    thread_safe (0.3.5)
    tomlrb (1.2.3)
    tzinfo (1.2.2)
      thread_safe (~> 0.1)
    unf (0.1.4)
      unf_ext
    unf_ext (0.0.7.2)
    user-choices (1.1.6.1)
      builder (>= 2.1.2)
      s4t-utils (>= 1.0.3)
      xml-simple (>= 1.0.11)
    vin_bank (3.1.0)
    vinbot (2.0.2)
      sequel
      sqlite3
      vin_bank (>= 3.1.0)
    wasabi (3.5.0)
      httpi (~> 2.0)
      nokogiri (>= 1.4.2)
    watir (5.0.0)
      commonwatir (~> 4)
      watir-webdriver
    watir-scroll (0.1.0)
      watir-webdriver
    watir-webdriver (0.9.3)
      selenium-webdriver (>= 2.46.2)
    websocket (1.2.3)
    xml-simple (1.1.5)
    yard (0.9.5)

PLATFORMS
  ruby

DEPENDENCIES
  activemodel!
  activerecord!
  activerecord-jdbc-adapter!
  activesupport!
  appium_console!
  appium_lib!
  aws-sdk!
  cucumber!
  httparty!
  pry!
  pry-doc!
  pry-nav!
  report_builder!
  rest-client!
  rspec!
  rspec-expectations!
  savon!
  spec!
  taza!
  test-helpers!
  vinbot!
  watir-scroll!
  watir-webdriver!

BUNDLED WITH
   1.12.5
